PATH
  remote: .
  specs:
    termbox (0.1.0)
      ffi (>= 1.0.8)

GEM
  remote: http://rubygems.org/
  specs:
    diff-lcs (1.1.2)
    ffi (1.1.5)
    rspec (2.5.0)
      rspec-core (~> 2.5.0)
      rspec-expectations (~> 2.5.0)
      rspec-mocks (~> 2.5.0)
    rspec-core (2.5.1)
    rspec-expectations (2.5.0)
      diff-lcs (~> 1.1.2)
    rspec-mocks (2.5.0)

PLATFORMS
  ruby

DEPENDENCIES
  rspec
  termbox!
